GEM
  remote: https://rubygems.org/
  specs:
    awesome_print (1.9.2)
    csv (3.3.0)
    kiba (4.0.0)
    kiba-common (1.5.0)
      kiba (>= 3.0.0, < 5)

PLATFORMS
  ruby
  x86_64-linux

DEPENDENCIES
  awesome_print
  csv
  kiba
  kiba-common

BUNDLED WITH
   2.5.16
