GEM
  remote: https://rubygems.org/
  specs:
    awesome_print (1.8.0)
    kiba (2.0.0)
    kiba-common (0.9.0)
      kiba (>= 1.0.0, < 3)

PLATFORMS
  ruby

DEPENDENCIES
  awesome_print
  kiba
  kiba-common

BUNDLED WITH
   1.17.1
